GEM
  remote: https://rubygems.org/
  specs:
    addressable (2.7.0)
      public_suffix (>= 2.0.2, < 5.0)
    bootstrap-email (1.0.0.alpha2.1)
      nokogiri (~> 1.6)
      premailer (~> 1.7)
      sassc (~> 2.0)
    css_parser (1.9.0)
      addressable
    ffi (1.15.0)
    htmlentities (4.3.4)
    mail (2.7.1)
      mini_mime (>= 0.1.1)
    midi-smtp-server (3.0.1)
    mini_mime (1.1.0)
    nokogiri (1.11.3-x86_64-linux)
      racc (~> 1.4)
    premailer (1.14.2)
      addressable
      css_parser (>= 1.6.0)
      htmlentities (>= 4.0.0)
    public_suffix (4.0.6)
    racc (1.5.2)
    sassc (2.4.0)
      ffi (~> 1.9)

PLATFORMS
  x86_64-linux-musl

DEPENDENCIES
  bootstrap-email (>= 1.0.0.alpha)
  mail
  midi-smtp-server (>= 3.0.1)

BUNDLED WITH
   2.2.15
